GIT
  remote: https://github.com/GoogleCloudPlatform/google-cloud-ruby.git
  revision: 51cc4caa0839ea3fd3b6df1fa7b86dfd78e94872
  branch: gcloud-jsondoc
  specs:
    gcloud-jsondoc (0.5.0)
      jbuilder (~> 2.3.0)
      kramdown (~> 1.9)
      yard (~> 0.9)

PATH
  remote: .
  specs:
    google-cloud-showcase (0.1.0)
      google-gax (~> 1.0)

GEM
  remote: https://rubygems.org/
  specs:
    activesupport (4.2.10)
      i18n (~> 0.7)
      minitest (~> 5.1)
      thread_safe (~> 0.3, >= 0.3.4)
      tzinfo (~> 1.1)
    addressable (2.5.2)
      public_suffix (>= 2.0.2, < 4.0)
    ast (2.4.0)
    concurrent-ruby (1.0.5)
    docile (1.3.1)
    faraday (0.15.2)
      multipart-post (>= 1.2, < 3)
    google-gax (1.3.0)
      google-protobuf (~> 3.2)
      googleapis-common-protos (>= 1.3.5, < 2.0)
      googleauth (~> 0.6.2)
      grpc (>= 1.7.2, < 2.0)
      rly (~> 0.2.3)
    google-protobuf (3.5.1.2)
    googleapis-common-protos (1.3.7)
      google-protobuf (~> 3.0)
      googleapis-common-protos-types (~> 1.0)
      grpc (~> 1.0)
    googleapis-common-protos-types (1.0.1)
      google-protobuf (~> 3.0)
    googleauth (0.6.2)
      faraday (~> 0.12)
      jwt (>= 1.4, < 3.0)
      logging (~> 2.0)
      memoist (~> 0.12)
      multi_json (~> 1.11)
      os (~> 0.9)
      signet (~> 0.7)
    grpc (1.12.0)
      google-protobuf (~> 3.1)
      googleapis-common-protos-types (~> 1.0.0)
      googleauth (>= 0.5.1, < 0.7)
    i18n (0.9.5)
      concurrent-ruby (~> 1.0)
    jbuilder (2.3.2)
      activesupport (>= 3.0.0, < 5)
      multi_json (~> 1.2)
    json (2.1.0)
    jwt (2.1.0)
    kramdown (1.17.0)
    little-plugger (1.1.4)
    logging (2.2.2)
      little-plugger (~> 1.1)
      multi_json (~> 1.10)
    memoist (0.16.0)
    minitest (5.11.3)
    multi_json (1.13.1)
    multipart-post (2.0.0)
    os (0.9.6)
    parallel (1.12.1)
    parser (2.5.1.0)
      ast (~> 2.4.0)
    powerpack (0.1.2)
    public_suffix (2.0.5)
    rainbow (2.2.2)
      rake
    rake (11.3.0)
    rly (0.2.3)
    rubocop (0.50.0)
      parallel (~> 1.10)
      parser (>= 2.3.3.1, < 3.0)
      powerpack (~> 0.1)
      rainbow (>= 2.2.2, < 3.0)
      ruby-progressbar (~> 1.7)
      unicode-display_width (~> 1.0, >= 1.0.1)
    ruby-progressbar (1.9.0)
    signet (0.8.1)
      addressable (~> 2.3)
      faraday (~> 0.9)
      jwt (>= 1.5, < 3.0)
      multi_json (~> 1.10)
    simplecov (0.16.1)
      docile (~> 1.1)
      json (>= 1.8, < 3)
      simplecov-html (~> 0.10.0)
    simplecov-html (0.10.2)
    thread_safe (0.3.6)
    tzinfo (1.2.5)
      thread_safe (~> 0.1)
    unicode-display_width (1.4.0)
    yard (0.9.14)

PLATFORMS
  ruby

DEPENDENCIES
  gcloud-jsondoc!
  google-cloud-showcase!
  minitest (~> 5.10)
  public_suffix (~> 2.0)
  rake (~> 11.0)
  rubocop (~> 0.50.0)
  simplecov (~> 0.9)

BUNDLED WITH
   1.16.2
